PATH
  remote: .
  specs:
    demo_account (0.0.1)
      httpclient
      simple_uuid

GEM
  remote: http://rubygems.org/
  specs:
    httpclient (2.6.0.1)
    simple_uuid (0.4.0)

PLATFORMS
  ruby

DEPENDENCIES
  demo_account!
